GEM
  remote: http://rubygems.org/
  specs:
    awesome_print (0.4.0)
    json (1.5.3)
    pubnub-ruby (0.0.5)
      json
    rack (1.3.2)
    redis (2.2.2)
    sinatra (1.2.6)
      rack (~> 1.1)
      tilt (>= 1.2.2, < 2.0)
    tilt (1.3.2)

PLATFORMS
  ruby

DEPENDENCIES
  awesome_print
  pubnub-ruby
  redis
  sinatra
